GEM
  remote: https://rubygems.org/
  specs:
    chunky_png (1.3.4)
    compass (1.0.1)
      chunky_png (~> 1.2)
      compass-core (~> 1.0.1)
      compass-import-once (~> 1.0.5)
      rb-fsevent (>= 0.9.3)
      rb-inotify (>= 0.9)
      sass (>= 3.3.13, < 3.5)
    compass-core (1.0.3)
      multi_json (~> 1.0)
      sass (>= 3.3.0, < 3.5)
    compass-import-once (1.0.5)
      sass (>= 3.2, < 3.5)
    ffi (1.9.10-x64-mingw32)
    json (1.8.2)
    multi_json (1.11.2)
    rainbow (2.0.0)
    rb-fsevent (0.9.5)
    rb-inotify (0.9.5)
      ffi (>= 0.5.0)
    sass (3.4.5)
    scss-lint (0.35.0)
      rainbow (~> 2.0)
      sass (~> 3.4.1)

PLATFORMS
  x64-mingw32

DEPENDENCIES
  compass (= 1.0.1)
  json (= 1.8.2)
  sass (= 3.4.5)
  scss-lint (= 0.35.0)

BUNDLED WITH
   1.10.6
